PATH
  remote: .
  specs:
    ably-ui (2.1.4)
      view_component (~> 2.21.0)

GEM
  remote: https://rubygems.org/
  specs:
    activesupport (6.0.3.4)
      concurrent-ruby (~> 1.0, >= 1.0.2)
      i18n (>= 0.7, < 2)
      minitest (~> 5.1)
      tzinfo (~> 1.1)
      zeitwerk (~> 2.2, >= 2.2.2)
    concurrent-ruby (1.1.7)
    i18n (1.8.5)
      concurrent-ruby (~> 1.0)
    minitest (5.14.2)
    thread_safe (0.3.6)
    tzinfo (1.2.7)
      thread_safe (~> 0.1)
    view_component (2.21.0)
      activesupport (>= 5.0.0, < 7.0)
    zeitwerk (2.4.1)

PLATFORMS
  ruby

DEPENDENCIES
  ably-ui!
  view_component

BUNDLED WITH
   2.1.4
