PATH
  remote: .
  specs:
    ably-ui (6.5.3.dev.efd8d9f)
      view_component (>= 2.33, < 2.50)

GEM
  remote: https://rubygems.org/
  specs:
    activesupport (7.0.2.2)
      concurrent-ruby (~> 1.0, >= 1.0.2)
      i18n (>= 1.6, < 2)
      minitest (>= 5.1)
      tzinfo (~> 2.0)
    concurrent-ruby (1.1.9)
    i18n (1.10.0)
      concurrent-ruby (~> 1.0)
    method_source (1.0.0)
    minitest (5.15.0)
    tzinfo (2.0.4)
      concurrent-ruby (~> 1.0)
    view_component (2.49.1)
      activesupport (>= 5.0.0, < 8.0)
      method_source (~> 1.0)

PLATFORMS
  ruby

DEPENDENCIES
  ably-ui!
  view_component

BUNDLED WITH
   2.2.19
