PATH
  remote: .
  specs:
    ably-ui (6.4.0.dev.04fa1c1)
      view_component (~> 2.33.0)

GEM
  remote: https://rubygems.org/
  specs:
    activesupport (6.1.3.2)
      concurrent-ruby (~> 1.0, >= 1.0.2)
      i18n (>= 1.6, < 2)
      minitest (>= 5.1)
      tzinfo (~> 2.0)
      zeitwerk (~> 2.3)
    concurrent-ruby (1.1.9)
    i18n (1.8.10)
      concurrent-ruby (~> 1.0)
    minitest (5.14.4)
    tzinfo (2.0.4)
      concurrent-ruby (~> 1.0)
    view_component (2.33.0)
      activesupport (>= 5.0.0, < 7.0)
    zeitwerk (2.4.2)

PLATFORMS
  ruby

DEPENDENCIES
  ably-ui!
  view_component

BUNDLED WITH
   2.2.19
